GEM
  remote: http://rubygems.org/
  specs:
    compass (0.10.6)
      haml (>= 3.0.4)
    cri (1.0.1)
    haml (3.0.25)
    nanoc3 (3.1.6)
      cri (>= 1.0.0)

PLATFORMS
  ruby

DEPENDENCIES
  compass
  nanoc3
